GIT
  remote: https://github.com/cloudplement/leetize.git
  revision: 93d0a34d8baa9e1808980a4cd55b179a184755e7
  specs:
    leetize (0.1.0)

GEM
  remote: https://rubygems.org/
  specs:
    ast (2.4.2)
    minitest (5.11.3)
    multi_json (1.15.0)
    mustermann (3.0.0)
      ruby2_keywords (~> 0.0.1)
    parallel (1.12.1)
    parser (3.0.3.2)
      ast (~> 2.4.1)
    powerpack (0.1.1)
    rack (2.2.4)
    rack-protection (3.0.4)
      rack
    rack-test (0.8.3)
      rack (>= 1.0, < 3)
    rainbow (3.0.0)
    rake (12.3.3)
    rubocop (0.53.0)
      parallel (~> 1.10)
      parser (>= 2.5)
      powerpack (~> 0.1)
      rainbow (>= 2.2.2, < 4.0)
      ruby-progressbar (~> 1.7)
      unicode-display_width (~> 1.0, >= 1.0.1)
    ruby-progressbar (1.9.0)
    ruby2_keywords (0.0.5)
    sinatra (3.0.4)
      mustermann (~> 3.0)
      rack (~> 2.2, >= 2.2.4)
      rack-protection (= 3.0.4)
      tilt (~> 2.0)
    sinatra-contrib (3.0.4)
      multi_json
      mustermann (~> 3.0)
      rack-protection (= 3.0.4)
      sinatra (= 3.0.4)
      tilt (~> 2.0)
    sinatra-param (1.6.0)
      sinatra (>= 1.3)
    tilt (2.0.11)
    unicode-display_width (1.3.0)

PLATFORMS
  ruby

DEPENDENCIES
  leetize!
  minitest
  rack-test
  rake
  rubocop
  sinatra
  sinatra-contrib
  sinatra-param

BUNDLED WITH
   1.16.1
