GIT
  remote: git://github.com/Cloudplement/leetize.git
  revision: fa3c1ca12e94055f97e63663e13e34d1ec0436b6
  specs:
    leetize (0.1.0)

GEM
  remote: https://rubygems.org/
  specs:
    backports (3.7.0)
    minitest (5.10.1)
    multi_json (1.12.1)
    rack (1.6.5)
    rack-protection (1.5.3)
      rack
    rack-test (0.6.3)
      rack (>= 1.0)
    rake (12.0.0)
    sinatra (1.4.8)
      rack (~> 1.5)
      rack-protection (~> 1.4)
      tilt (>= 1.3, < 3)
    sinatra-contrib (1.4.7)
      backports (>= 2.0)
      multi_json
      rack-protection
      rack-test
      sinatra (~> 1.4.0)
      tilt (>= 1.3, < 3)
    sinatra-param (1.4.0)
      sinatra (~> 1.3)
    tilt (2.0.7)

PLATFORMS
  ruby

DEPENDENCIES
  leetize!
  minitest
  rack-test
  rake
  sinatra
  sinatra-contrib
  sinatra-param

BUNDLED WITH
   1.14.6
